GEM
  remote: https://rubygems.org/
  specs:
    coderay (1.1.3)
    date (3.3.4)
    fileutils (1.7.2)
    method_source (1.1.0)
    open-uri (0.4.1)
      stringio
      time
      uri
    pry (0.14.2)
      coderay (~> 1.1)
      method_source (~> 1.0)
    stringio (3.1.1)
    time (0.3.0)
      date
    uri (0.13.0)

PLATFORMS
  arm64-darwin-22

DEPENDENCIES
  fileutils
  open-uri
  pry (~> 0.14.2)

BUNDLED WITH
   2.2.3
